GIT
  remote: git://github.com/div/mina-stack.git
  revision: 2bb9e25cec162bfe958dcb5ab19059fbce7ce12f
  specs:
    mina-stack (0.0.1)
      highline
      mina
      rake

GEM
  remote: https://rubygems.org/
  specs:
    celluloid (0.15.2)
      timers (~> 1.1.0)
    connection_pool (2.0.0)
    dotenv (0.7.0)
    foreman (0.67.0)
      dotenv (~> 0.7.0)
      thor (~> 0.17.0)
    highline (1.6.21)
    json (1.8.1)
    mina (0.3.0)
      open4
      rake
    mina-sidekiq (0.3.0)
      mina
    open4 (1.3.3)
    rake (10.3.1)
    redis (3.0.7)
    redis-namespace (1.4.1)
      redis (~> 3.0.4)
    sidekiq (3.0.0)
      celluloid (>= 0.15.2)
      connection_pool (>= 2.0.0)
      json
      redis (>= 3.0.6)
      redis-namespace (>= 1.3.1)
    thor (0.17.0)
    timers (1.1.0)

PLATFORMS
  ruby

DEPENDENCIES
  dotenv
  foreman
  mina
  mina-sidekiq
  mina-stack!
  sidekiq
